GEM
  remote: https://rubygems.org/
  specs:
    coderay (1.1.2)
    commonjs_modules (0.0.1)
    interfacer (0.0.1)
      commonjs_modules (~> 0.0)
    method_source (0.9.0)
    pry (0.11.3)
      coderay (~> 1.1.0)
      method_source (~> 0.9.0)
    rack (2.0.5)

PLATFORMS
  ruby

DEPENDENCIES
  commonjs_modules
  interfacer
  pry
  rack

BUNDLED WITH
   1.16.1
