GIT
  remote: https://github.com/botanicus/simple-logger.git
  revision: 76924fade72e9599f936ce90e235db44169b3830
  specs:
    simple-logger (0.1)
      term-ansicolor

GEM
  remote: https://rubygems.org/
  specs:
    ast (2.4.0)
    coderay (1.1.2)
    commonjs_modules (0.0.1)
    interfacer (0.0.1)
      commonjs_modules (~> 0.0)
    jaro_winkler (1.5.1)
    method_source (0.9.0)
    parallel (1.12.1)
    parser (2.5.1.0)
      ast (~> 2.4.0)
    pg (1.0.0)
    powerpack (0.1.2)
    pry (0.11.3)
      coderay (~> 1.1.0)
      method_source (~> 0.9.0)
    rack (2.0.5)
    rainbow (3.0.0)
    rubocop (0.57.2)
      jaro_winkler (~> 1.5.1)
      parallel (~> 1.10)
      parser (>= 2.5)
      powerpack (~> 0.1)
      rainbow (>= 2.2.2, < 4.0)
      ruby-progressbar (~> 1.7)
      unicode-display_width (~> 1.0, >= 1.0.1)
    ruby-progressbar (1.9.0)
    term-ansicolor (1.6.0)
      tins (~> 1.0)
    tins (1.16.3)
    unicode-display_width (1.4.0)

PLATFORMS
  ruby

DEPENDENCIES
  commonjs_modules
  interfacer
  pg
  pry
  rack
  rubocop
  simple-logger!

BUNDLED WITH
   1.16.1
